GEM
  remote: http://rubygems.org/
  specs:
    activemodel (3.0.0)
      activesupport (= 3.0.0)
      builder (~> 2.1.2)
      i18n (~> 0.4.1)
    activerecord (3.0.0)
      activemodel (= 3.0.0)
      activesupport (= 3.0.0)
      arel (~> 1.0.0)
      tzinfo (~> 0.3.23)
    activesupport (3.0.0)
    arel (1.0.1)
      activesupport (~> 3.0.0)
    builder (2.1.2)
    foreigner (1.2.0)
      activerecord (>= 3.0.0)
    i18n (0.4.2)
    metaclass (0.0.1)
    mocha (0.12.2)
      metaclass (~> 0.0.1)
    nokogiri (1.5.5)
    pg (0.14.0)
    rake (0.9.2.2)
    tzinfo (0.3.33)

PLATFORMS
  ruby

DEPENDENCIES
  activerecord
  foreigner
  mocha
  nokogiri
  pg
  rake
